GEM
  remote: http://rubygems.org/
  specs:
    bluecloth (2.1.0)
    daemons (1.1.3)
    eventmachine (0.12.10)
    gli (1.3.0)
    json (1.5.1)
    nokogiri (1.4.4)
    rack (1.2.2)
    showoff (0.4.2)
      bluecloth
      gli (>= 1.2.5)
      json
      nokogiri
      sinatra
    sinatra (1.1.0)
      rack (~> 1.1)
      tilt (~> 1.1)
    thin (1.2.10)
      daemons (>= 1.0.9)
      eventmachine (>= 0.12.6)
      rack (>= 1.0.0)
    tilt (1.3.1)

PLATFORMS
  ruby

DEPENDENCIES
  showoff (= 0.4.2)
  sinatra (= 1.1.0)
  thin (= 1.2.10)
